PATH
  remote: .
  specs:
    google_sign_in (0.1.4)
      activesupport (>= 5.1)
      google-id-token (>= 1.4.0)
      oauth2 (>= 1.4.0)

GEM
  remote: https://rubygems.org/
  specs:
    activesupport (5.2.1)
      concurrent-ruby (~> 1.0, >= 1.0.2)
      i18n (>= 0.7, < 2)
      minitest (~> 5.1)
      tzinfo (~> 1.1)
    byebug (9.1.0)
    concurrent-ruby (1.0.5)
    faraday (0.12.2)
      multipart-post (>= 1.2, < 3)
    google-id-token (1.4.2)
      jwt (>= 1)
    i18n (1.1.0)
      concurrent-ruby (~> 1.0)
    jwt (1.5.6)
    minitest (5.11.3)
    multi_json (1.13.1)
    multi_xml (0.6.0)
    multipart-post (2.0.0)
    oauth2 (1.4.0)
      faraday (>= 0.8, < 0.13)
      jwt (~> 1.0)
      multi_json (~> 1.3)
      multi_xml (~> 0.5)
      rack (>= 1.2, < 3)
    rack (2.0.5)
    rake (12.0.0)
    thread_safe (0.3.6)
    tzinfo (1.2.5)
      thread_safe (~> 0.1)

PLATFORMS
  ruby

DEPENDENCIES
  bundler (~> 1.15)
  byebug
  google_sign_in!
  rake

BUNDLED WITH
   1.16.3
